GEM
  remote: http://rubygems.org/
  specs:
    byebug (10.0.1)
    coderay (1.1.0)
    method_source (0.8.2)
    mini_portile (0.6.2)
    nokogiri (1.6.6.2)
      mini_portile (~> 0.6.0)
    paint (1.0.0)
    pry (0.10.1)
      coderay (~> 1.1.0)
      method_source (~> 0.8.1)
      slop (~> 3.4)
    rake (10.4.2)
    slop (3.6.0)
    terminal-table (1.4.5)

PLATFORMS
  ruby

DEPENDENCIES
  byebug (~> 10.0)
  nokogiri
  paint
  pry
  rake
  terminal-table

BUNDLED WITH
   1.16.1
